GEM
  remote: http://rubygems.org/
  specs:
    activesupport (3.0.1)
    i18n (0.4.2)
    unidecoder (1.1.1)

PLATFORMS
  ruby
  x86-mingw32

DEPENDENCIES
  activesupport (= 3.0.1)
  i18n (= 0.4.2)
  unidecoder (= 1.1.1)
