GEM
  remote: http://rubygems.org/
  specs:
    activesupport (3.0.1)
    i18n (0.4.1)

PLATFORMS
  ruby

DEPENDENCIES
  activesupport
  i18n
